GEM
  remote: http://rubygems.org/
  specs:
    aaronh-chronic (0.3.9)
    activesupport (3.0.3)
    addressable (2.2.6)
    bcrypt-ruby (2.1.4)
    builder (2.1.2)
    capybara (0.4.1.1)
      celerity (>= 0.7.9)
      culerity (>= 0.2.4)
      mime-types (>= 1.16)
      nokogiri (>= 1.3.3)
      rack (>= 1.0.0)
      rack-test (>= 0.5.4)
      selenium-webdriver (>= 0.0.27)
      xpath (~> 0.1.3)
    celerity (0.8.7)
    childprocess (0.1.6)
      ffi (~> 0.6.3)
    chunky_png (1.2.0)
    compass (0.11.3)
      chunky_png (~> 1.2)
      fssm (>= 0.2.7)
      sass (~> 3.1)
    cucumber (0.8.5)
      builder (~> 2.1.2)
      diff-lcs (~> 1.1.2)
      gherkin (~> 2.1.4)
      json_pure (~> 1.4.3)
      term-ansicolor (~> 1.0.4)
    cucumber-sinatra (0.3.0)
      templater (>= 1.0.0)
    culerity (0.2.15)
    curb (0.7.12)
    daemons (1.1.4)
    database_cleaner (0.5.2)
    diff-lcs (1.1.2)
    dm-core (1.1.0)
      addressable (~> 2.2.4)
    dm-redis-adapter (0.4.0)
      dm-core (>= 1.1.0)
      dm-types (>= 1.1.0)
      hiredis (~> 0.3.0)
      redis (~> 2.2)
    dm-types (1.1.0)
      bcrypt-ruby (~> 2.1.4)
      dm-core (~> 1.1.0)
      fastercsv (~> 1.5.4)
      json (~> 1.4.6)
      stringex (~> 1.2.0)
      uuidtools (~> 2.1.2)
    em-dir-watcher (0.9.4)
    em-websocket (0.3.0)
      addressable (>= 2.1.1)
      eventmachine (>= 0.12.9)
    erubis (2.7.0)
    eventmachine (0.12.10)
    extlib (0.9.15)
    fastercsv (1.5.4)
    feedzirra (0.0.24)
      activesupport (>= 2.3.8)
      builder (>= 2.1.2)
      curb (>= 0.2.3)
      loofah (>= 0.3.1)
      nokogiri (> 0.0.0)
      sax-machine (>= 0.0.12)
    feedzirra-redis (0.1.1)
      dm-redis-adapter
      feedzirra
      i18n
    ffi (0.6.3)
      rake (>= 0.8.7)
    fssm (0.2.7)
    gherkin (2.1.5)
      trollop (~> 1.16.2)
    haml (3.1.2)
    highline (1.5.0)
    hiredis (0.3.2)
    hominid (3.0.2)
    hoptoad_notifier (2.4.11)
      activesupport
      builder
    i18n (0.5.0)
    imanip (0.1.4)
    json (1.4.6)
    json_pure (1.4.6)
    livereload (1.6)
      em-dir-watcher (>= 0.1)
      em-websocket (>= 0.1.2)
      ruby-json (>= 1.1.2)
    loofah (1.0.0)
      nokogiri (>= 1.3.3)
    mime-types (1.16)
    nokogiri (1.4.4)
    rack (1.2.1)
    rack-test (0.5.7)
      rack (>= 1.0)
    rake (0.8.7)
    rb-inotify (0.8.5)
      ffi (>= 0.5.0)
    redis (2.2.1)
    redis-namespace (1.0.3)
      redis (< 3.0.0)
    rspec (2.4.0)
      rspec-core (~> 2.4.0)
      rspec-expectations (~> 2.4.0)
      rspec-mocks (~> 2.4.0)
    rspec-core (2.4.0)
    rspec-expectations (2.4.0)
      diff-lcs (~> 1.1.2)
    rspec-mocks (2.4.0)
    ruby-json (1.1.2)
    ruby_parser (2.0.6)
      sexp_processor (~> 3.0)
    rubyzip (0.9.4)
    sass (3.1.3)
    sax-machine (0.0.16)
      nokogiri (> 0.0.0)
    selenium-webdriver (0.1.2)
      childprocess (~> 0.1.5)
      ffi (~> 0.6.3)
      json_pure
      rubyzip
    sexp_processor (3.0.5)
    shotgun (0.8)
      rack (>= 1.0)
    sinatra (1.2.6)
      rack (~> 1.1)
      tilt (>= 1.2.2, < 2.0)
    split (0.2.3)
      redis (~> 2.1)
      redis-namespace (~> 1.0.3)
      sinatra (~> 1.2.6)
    stamp (0.1.2)
    stringex (1.2.2)
    templater (1.0.0)
      diff-lcs (>= 1.1.2)
      extlib (>= 0.9.5)
      highline (>= 1.4.0)
    term-ansicolor (1.0.5)
    thin (1.2.11)
      daemons (>= 1.0.9)
      eventmachine (>= 0.12.6)
      rack (>= 1.0.0)
    tilt (1.3.2)
    trollop (1.16.2)
    uuidtools (2.1.2)
    whenever (0.6.8)
      aaronh-chronic (>= 0.3.9)
      activesupport (>= 2.3.4)
    xpath (0.1.3)
      nokogiri (~> 1.3)

PLATFORMS
  ruby

DEPENDENCIES
  capybara
  compass
  cucumber
  cucumber-sinatra
  database_cleaner
  em-dir-watcher
  erubis
  feedzirra
  feedzirra-redis (= 0.1.1)
  haml
  hominid
  hoptoad_notifier
  imanip
  livereload
  rack
  rake
  rb-inotify
  rspec
  ruby_parser
  shotgun
  sinatra (= 1.2.6)
  split
  stamp
  thin
  whenever
